GEM
  remote: https://rubygems.org/
  specs:
    actionview (5.2.3)
      activesupport (= 5.2.3)
      builder (~> 3.1)
      erubi (~> 1.4)
      rails-dom-testing (~> 2.0)
      rails-html-sanitizer (~> 1.0, >= 1.0.3)
    activesupport (5.2.3)
      concurrent-ruby (~> 1.0, >= 1.0.2)
      i18n (>= 0.7, < 2)
      minitest (~> 5.1)
      tzinfo (~> 1.1)
    addressable (2.7.0)
      public_suffix (>= 2.0.2, < 5.0)
    ast (2.4.0)
    aws-eventstream (1.0.3)
    aws-partitions (1.254.0)
    aws-sdk-core (3.85.1)
      aws-eventstream (~> 1.0, >= 1.0.2)
      aws-partitions (~> 1, >= 1.239.0)
      aws-sigv4 (~> 1.1)
      jmespath (~> 1.0)
    aws-sdk-dynamodb (1.26.0)
      aws-sdk-core (~> 3, >= 3.48.2)
      aws-sigv4 (~> 1.1)
    aws-sigv4 (1.1.0)
      aws-eventstream (~> 1.0, >= 1.0.2)
    backports (3.15.0)
    backtrace (0.3.0)
    base58 (0.2.3)
    buftok (0.2.0)
    builder (3.2.4)
    codecov (0.1.16)
      json
      simplecov
      url
    concurrent-ruby (1.1.5)
    connection_pool (2.2.2)
    crack (0.4.3)
      safe_yaml (~> 1.0.0)
    crass (1.0.5)
    docile (1.3.2)
    domain_name (0.5.20190701)
      unf (>= 0.0.5, < 1.0.0)
    equalizer (0.0.11)
    erubi (1.9.0)
    faraday (0.17.1)
      multipart-post (>= 1.2, < 3)
    ffi (1.11.3)
    futex (0.8.6)
    glogin (0.6.0)
      base58 (= 0.2.3)
    haml (5.0.4)
      temple (>= 0.8.0)
      tilt
    hashdiff (1.0.0)
    http (3.3.0)
      addressable (~> 2.3)
      http-cookie (~> 1.0)
      http-form_data (~> 2.0)
      http_parser.rb (~> 0.6.0)
    http-cookie (1.0.3)
      domain_name (~> 0.5)
    http-form_data (2.1.1)
    http_parser.rb (0.6.0)
    i18n (1.7.0)
      concurrent-ruby (~> 1.0)
    jaro_winkler (1.5.4)
    jmespath (1.4.0)
    json (2.3.0)
    listen (3.2.1)
      rb-fsevent (~> 0.10, >= 0.10.3)
      rb-inotify (~> 0.9, >= 0.9.10)
    loofah (2.4.0)
      crass (~> 1.0.2)
      nokogiri (>= 1.5.9)
    mail (2.7.1)
      mini_mime (>= 0.1.1)
    memoizable (0.4.2)
      thread_safe (~> 0.3, >= 0.3.1)
    mini_mime (1.0.2)
    mini_portile2 (2.4.0)
    minitest (5.13.0)
    multi_json (1.14.1)
    multipart-post (2.1.1)
    mustermann (1.0.3)
    naught (1.1.0)
    net-http-persistent (3.1.0)
      connection_pool (~> 2.2)
    nokogiri (1.10.4)
      mini_portile2 (~> 2.4.0)
    parallel (1.19.1)
    parser (2.6.5.0)
      ast (~> 2.4.0)
    power_assert (1.1.5)
    public_suffix (4.0.1)
    rack (2.2.3)
    rack-protection (2.0.5)
      rack
    rack-ssl (1.4.1)
      rack
    rack-test (1.1.0)
      rack (>= 1.0, < 3)
    rails-dom-testing (2.0.3)
      activesupport (>= 4.2.0)
      nokogiri (>= 1.6)
    rails-html-sanitizer (1.3.0)
      loofah (~> 2.3)
    rainbow (3.0.0)
    rake (13.0.0)
    rb-fsevent (0.10.3)
    rb-inotify (0.10.0)
      ffi (~> 1.0)
    rerun (0.13.0)
      listen (~> 3.0)
    rmagick (3.1.0)
    rubocop (0.68.1)
      jaro_winkler (~> 1.5.1)
      parallel (~> 1.10)
      parser (>= 2.5, != 2.5.1.1)
      rainbow (>= 2.2.2, < 4.0)
      ruby-progressbar (~> 1.7)
      unicode-display_width (>= 1.4.0, < 1.6)
    rubocop-rspec (1.32.0)
      rubocop (>= 0.60.0)
    ruby-progressbar (1.10.1)
    safe_yaml (1.0.5)
    sass (3.7.4)
      sass-listen (~> 4.0.0)
    sass-listen (4.0.0)
      rb-fsevent (~> 0.9, >= 0.9.4)
      rb-inotify (~> 0.9, >= 0.9.7)
    sentry-raven (2.9.0)
      faraday (>= 0.7.6, < 1.0)
    simple_oauth (0.3.1)
    simplecov (0.17.1)
      docile (~> 1.1)
      json (>= 1.8, < 3)
      simplecov-html (~> 0.10.0)
    simplecov-html (0.10.2)
    sinatra (2.0.5)
      mustermann (~> 1.0)
      rack (~> 2.0)
      rack-protection (= 2.0.5)
      tilt (~> 2.0)
    sinatra-contrib (2.0.5)
      backports (>= 2.8.2)
      multi_json
      mustermann (~> 1.0)
      rack-protection (= 2.0.5)
      sinatra (= 2.0.5)
      tilt (>= 1.3, < 3)
    stripe (4.16.0)
      faraday (~> 0.13)
      net-http-persistent (~> 3.0)
    temple (0.8.2)
    test-unit (3.3.4)
      power_assert
    thread_safe (0.3.6)
    tilt (2.0.10)
    time_difference (0.7.0)
      activesupport (~> 5.1)
    timeout-extensions (0.1.1)
    twitter (6.2.0)
      addressable (~> 2.3)
      buftok (~> 0.2.0)
      equalizer (~> 0.0.11)
      http (~> 3.0)
      http-form_data (~> 2.0)
      http_parser.rb (~> 0.6.0)
      memoizable (~> 0.4.0)
      multipart-post (~> 2.0)
      naught (~> 1.0)
      simple_oauth (~> 0.3.0)
    tzinfo (1.2.5)
      thread_safe (~> 0.1)
    unf (0.1.4)
      unf_ext
    unf_ext (0.0.7.6)
    unicode-display_width (1.5.0)
    url (0.3.2)
    webmock (3.7.6)
      addressable (>= 2.3.6)
      crack (>= 0.3.2)
      hashdiff (>= 0.4.0, < 2.0.0)
    xml-sitemap (1.3.3)
      builder (>= 2.0)

PLATFORMS
  ruby
  x86_64-darwin-18

DEPENDENCIES
  actionview (= 5.2.3)
  activesupport (= 5.2.3)
  aws-sdk-dynamodb (= 1.26.0)
  backtrace (= 0.3.0)
  codecov (= 0.1.16)
  concurrent-ruby (= 1.1.5)
  futex (= 0.8.6)
  glogin (~> 0.6.0)
  haml (= 5.0.4)
  mail (= 2.7.1)
  nokogiri (= 1.10.4)
  rack-ssl (= 1.4.1)
  rack-test (= 1.1.0)
  rake (= 13.0.0)
  rerun (= 0.13.0)
  rmagick (= 3.1.0)
  rubocop (= 0.68.1)
  rubocop-rspec (= 1.32.0)
  sass (= 3.7.4)
  sentry-raven (= 2.9.0)
  sinatra (= 2.0.5)
  sinatra-contrib (= 2.0.5)
  stripe (= 4.16.0)
  test-unit (= 3.3.4)
  time_difference (= 0.7.0)
  timeout-extensions (= 0.1.1)
  twitter (= 6.2.0)
  webmock (= 3.7.6)
  xml-sitemap (= 1.3.3)

RUBY VERSION
   ruby 2.6.0p0

BUNDLED WITH
   1.17.2
